GIT
  remote: git://github.com/freelancing-god/thinking-sphinx.git
  revision: f4465d3ac0e6fdd4aaad72aab2f91a7d3916afd1
  branch: rails3
  specs:
    thinking-sphinx (2.0.7)
      activerecord (>= 3.0.3)
      builder (>= 2.1.2)
      riddle (>= 1.3.3)

GIT
  remote: git://github.com/jaikoo/twitter-auth.git
  revision: 1b3f4e753cb7c694f2042f4b2f6547d66fe460c9
  branch: rails_3
  specs:
    twitter-auth (0.1.22)
      ezcrypto (>= 0.7.2)
      oauth (>= 0.3.1)

GIT
  remote: git://github.com/rbjarnason/rails-dev-boost.git
  revision: 4f7ad03b30a3bc93c1a63c4ac1e98e4427447435
  specs:
    rails-dev-boost (0.1.1)

GEM
  remote: http://rubygems.org/
  specs:
    RedCloth (4.2.8)
    abstract (1.0.0)
    actionmailer (3.0.7)
      actionpack (= 3.0.7)
      mail (~> 2.2.15)
    actionpack (3.0.7)
      activemodel (= 3.0.7)
      activesupport (= 3.0.7)
      builder (~> 2.1.2)
      erubis (~> 2.6.6)
      i18n (~> 0.5.0)
      rack (~> 1.2.1)
      rack-mount (~> 0.6.14)
      rack-test (~> 0.5.7)
      tzinfo (~> 0.3.23)
    activemodel (3.0.7)
      activesupport (= 3.0.7)
      builder (~> 2.1.2)
      i18n (~> 0.5.0)
    activerecord (3.0.7)
      activemodel (= 3.0.7)
      activesupport (= 3.0.7)
      arel (~> 2.0.2)
      tzinfo (~> 0.3.23)
    activeresource (3.0.7)
      activemodel (= 3.0.7)
      activesupport (= 3.0.7)
    activesupport (3.0.7)
    airbrake (3.0.4)
      activesupport
      builder
    arel (2.0.10)
    auto_html (1.4.2)
      RedCloth
      redcarpet
      rinku
      tag_helper
    builder (2.1.2)
    capistrano (2.9.0)
      highline
      net-scp (>= 1.0.0)
      net-sftp (>= 2.0.0)
      net-ssh (>= 2.0.14)
      net-ssh-gateway (>= 1.1.0)
    chronic (0.6.4)
    cocaine (0.2.0)
    daemons (1.0.10)
    dalli (1.1.2)
    delayed_job (2.1.4)
      activesupport (~> 3.0)
      daemons
    erubis (2.6.6)
      abstract (>= 1.0.0)
    ezcrypto (0.7.2)
    facebooker2 (0.0.13)
      mogli (>= 0.0.33)
      ruby-hmac
    gem_plugin (0.2.3)
    geoip (1.1.1)
    googlecharts (1.6.7)
    hashie (1.1.0)
    highline (1.6.2)
    hpricot (0.8.4)
    htmlentities (4.3.0)
    httparty (0.8.0)
      multi_json
      multi_xml
    i18n (0.5.0)
    jquery-rails (1.0.14)
      railties (~> 3.0)
      thor (~> 0.14)
    json (1.6.1)
    kgio (2.6.0)
    mail (2.2.19)
      activesupport (>= 2.3.6)
      i18n (>= 0.4.0)
      mime-types (~> 1.16)
      treetop (~> 1.4.8)
    mime-types (1.16)
    mogli (0.0.34)
      hashie (~> 1.1.0)
      httparty (>= 0.4.3)
      multi_json (~> 1.0.3)
    mongrel (1.2.0.pre2)
      daemons (~> 1.0.10)
      gem_plugin (~> 0.2.3)
    multi_json (1.0.3)
    multi_xml (0.4.1)
    mysql2 (0.2.7)
    net-scp (1.0.4)
      net-ssh (>= 1.99.1)
    net-sftp (2.0.5)
      net-ssh (>= 2.0.9)
    net-ssh (2.2.1)
    net-ssh-gateway (1.1.0)
      net-ssh (>= 1.99.1)
    newrelic_rpm (3.1.2)
    nokogiri (1.5.0)
    oauth (0.4.5)
    paperclip (2.4.2)
      activerecord (>= 2.3.0)
      activesupport (>= 2.3.2)
      cocaine (>= 0.0.2)
      mime-types
    polyglot (0.3.2)
    rack (1.2.4)
    rack-mount (0.6.14)
      rack (>= 1.0.0)
    rack-openid (1.3.1)
      rack (>= 1.1.0)
      ruby-openid (>= 2.1.8)
    rack-test (0.5.7)
      rack (>= 1.0)
    rails (3.0.7)
      actionmailer (= 3.0.7)
      actionpack (= 3.0.7)
      activerecord (= 3.0.7)
      activeresource (= 3.0.7)
      activesupport (= 3.0.7)
      bundler (~> 1.0)
      railties (= 3.0.7)
    railties (3.0.7)
      actionpack (= 3.0.7)
      activesupport (= 3.0.7)
      rake (>= 0.8.7)
      thor (~> 0.14.4)
    rake (0.9.2)
    redcarpet (1.17.2)
    riddle (1.4.0)
    rinku (1.2.2)
    rmagick (2.12.2)
    ruby-hmac (0.4.0)
    ruby-openid (2.1.8)
    sunlight (1.1.0)
      json (>= 1.1.3)
      ym4r (>= 0.6.1)
    tag_helper (0.0.3)
    thor (0.14.6)
    treetop (1.4.10)
      polyglot
      polyglot (>= 0.3.1)
    tzinfo (0.3.30)
    whenever (0.7.0)
      activesupport (>= 2.3.4)
      chronic (~> 0.6.3)
    will_paginate (3.0.2)
    ym4r (0.6.1)

PLATFORMS
  ruby

DEPENDENCIES
  airbrake
  auto_html
  capistrano
  dalli
  delayed_job
  facebooker2
  geoip
  googlecharts
  hpricot (>= 0.6)
  htmlentities
  jquery-rails (>= 0.2.6)
  kgio
  mogli
  mongrel (>= 1.2.0.pre2)
  mysql2 (= 0.2.7)
  newrelic_rpm
  nokogiri
  oauth (>= 0.3.1)
  paperclip
  rack-openid
  rails (= 3.0.7)
  rails-dev-boost!
  rmagick (= 2.12.2)
  ruby-openid
  sunlight (>= 0.9)
  thinking-sphinx!
  twitter-auth!
  whenever
  will_paginate (~> 3.0.beta)
